GEM
  remote: https://rubygems.org/
  specs:
    foreman (0.81.0)
      thor (~> 0.19.1)
    rake (11.1.2)
    thor (0.19.1)

PLATFORMS
  ruby

DEPENDENCIES
  foreman
  rake

BUNDLED WITH
   1.11.2
