GEM
  remote: https://rubygems.org/
  specs:
    amq-protocol (2.0.1)
    amqp (1.6.0)
      amq-protocol (>= 2.0.1)
      eventmachine
    bunny (2.3.1)
      amq-protocol (>= 2.0.1)
    eventmachine (1.2.0.1)
    foreman (0.78.0)
      thor (~> 0.19.1)
    rake (10.5.0)
    thor (0.19.1)

PLATFORMS
  ruby

DEPENDENCIES
  amqp
  bunny
  foreman
  rake

BUNDLED WITH
   1.11.2
