GEM
  remote: https://rubygems.org/
  specs:
    amq-protocol (2.0.1)
    amqp (1.6.0)
      amq-protocol (>= 2.0.1)
      eventmachine
    bunny (2.3.1)
      amq-protocol (>= 2.0.1)
    coderay (1.1.0)
    eventmachine (1.2.0.1)
    foreman (0.78.0)
      thor (~> 0.19.1)
    method_source (0.8.2)
    pry (0.10.3)
      coderay (~> 1.1.0)
      method_source (~> 0.8.1)
      slop (~> 3.4)
    pry-nav (0.2.4)
      pry (>= 0.9.10, < 0.11.0)
    rake (10.5.0)
    slop (3.6.0)
    thor (0.19.1)

PLATFORMS
  ruby

DEPENDENCIES
  amqp
  bunny
  foreman
  pry-nav
  rake

BUNDLED WITH
   1.11.2
