GEM
  remote: https://rubygems.org/
  specs:
    amq-protocol (2.0.1)
    amqp (1.6.0)
      amq-protocol (>= 2.0.1)
      eventmachine
    bunny (2.3.1)
      amq-protocol (>= 2.0.1)
    coderay (1.1.1)
    concurrent-ruby (1.0.1)
    connection_pool (2.2.0)
    environmenter (0.1.0)
    eventmachine (1.2.0.1)
    lapine (2.0.2)
      amqp
      bunny
      environmenter (~> 0.1)
      middlewear (~> 0.1)
      mixlib-cli
      oj
      ruby-usdt (>= 0.2.2)
    method_source (0.8.2)
    middlewear (0.1.0)
    mixlib-cli (1.5.0)
    oj (2.15.0)
    pry (0.10.3)
      coderay (~> 1.1.0)
      method_source (~> 0.8.1)
      slop (~> 3.4)
    pry-nav (0.2.4)
      pry (>= 0.9.10, < 0.11.0)
    rake (11.1.2)
    redis (3.3.0)
    ruby-usdt (0.2.2)
    sidekiq (4.1.1)
      concurrent-ruby (~> 1.0)
      connection_pool (~> 2.2, >= 2.2.0)
      redis (~> 3.2, >= 3.2.1)
    slop (3.6.0)

PLATFORMS
  ruby

DEPENDENCIES
  lapine
  pry-nav
  rake
  sidekiq

BUNDLED WITH
   1.11.2
